GEM
  remote: https://rubygems.org/
  specs:
    CFPropertyList (2.3.2)
    addressable (2.4.0)
    ansi (1.5.0)
    awesome_print (1.6.1)
    backports (3.6.7)
    briar (2.0.1)
      ansi (~> 1.5)
      bundler
      calabash-cucumber (>= 0.12, < 1.0)
      dotenv
      rainbow (~> 2.0)
      rake
      rbx-require-relative (~> 0.0)
      retriable
      xamarin-test-cloud
    builder (3.2.2)
    calabash-common (0.0.2)
    calabash-cucumber (0.17.1)
      CFPropertyList
      awesome_print
      bundler (~> 1.3)
      calabash-common (~> 0.0.2)
      cucumber
      edn (>= 1.0.6, < 2.0)
      geocoder (>= 1.1.8, < 2.0)
      httpclient (>= 2.3.2, < 3.0)
      json
      run_loop (>= 2.0.3, < 3.0)
      sim_launcher (~> 0.4.13)
      slowhandcuke (~> 0.0.3)
    chronic (0.10.2)
    coderay (1.1.0)
    command_runner_ng (0.1.0)
    cucumber (2.3.0)
      builder (>= 2.1.2)
      cucumber-core (~> 1.4.0)
      cucumber-wire (~> 0.0.1)
      diff-lcs (>= 1.1.3)
      event-bus (~> 0.1.0)
      gherkin (~> 3.2.0)
      multi_json (>= 1.7.5, < 2.0)
      multi_test (>= 0.1.2)
    cucumber-core (1.4.0)
      gherkin (~> 3.2.0)
    cucumber-wire (0.0.1)
    diff-lcs (1.2.5)
    dotenv (2.1.0)
    edn (1.1.0)
    ethon (0.8.1)
      ffi (>= 1.3.0)
    event-bus (0.1.0)
    faraday (0.9.2)
      multipart-post (>= 1.2, < 3)
    faraday_middleware (0.10.0)
      faraday (>= 0.7.4, < 0.10)
    ffi (1.9.10)
    formatador (0.2.5)
    geocoder (1.2.14)
    gh (0.14.0)
      addressable
      backports
      faraday (~> 0.8)
      multi_json (~> 1.0)
      net-http-persistent (>= 2.7)
      net-http-pipeline
    gherkin (3.2.0)
    growl (1.0.3)
    guard (2.13.0)
      formatador (>= 0.2.4)
      listen (>= 2.7, <= 4.0)
      lumberjack (~> 1.0)
      nenv (~> 0.1)
      notiffany (~> 0.0)
      pry (>= 0.9.12)
      shellany (~> 0.0)
      thor (>= 0.18.1)
    guard-bundler (2.1.0)
      bundler (~> 1.0)
      guard (~> 2.2)
      guard-compat (~> 1.1)
    guard-compat (1.2.1)
    guard-rspec (4.6.4)
      guard (~> 2.1)
      guard-compat (~> 1.1)
      rspec (>= 2.99.0, < 4.0)
    highline (1.7.8)
    httpclient (2.7.1)
    json (1.8.3)
    launchy (2.4.3)
      addressable (~> 2.3)
    listen (3.0.5)
      rb-fsevent (>= 0.9.3)
      rb-inotify (>= 0.9)
    luffa (1.1.0)
      awesome_print (~> 1.2)
      json (~> 1.8)
      retriable (>= 1.3.3.1, < 2.1)
      thor (~> 0.19)
    lumberjack (1.0.10)
    method_source (0.8.2)
    mime-types (2.99)
    multi_json (1.11.2)
    multi_test (0.1.2)
    multipart-post (2.0.0)
    nenv (0.2.0)
    net-http-persistent (2.9.4)
    net-http-pipeline (1.0.1)
    notiffany (0.0.8)
      nenv (~> 0.1)
      shellany (~> 0.0)
    pry (0.10.3)
      coderay (~> 1.1.0)
      method_source (~> 0.8.1)
      slop (~> 3.4)
    pry-nav (0.2.4)
      pry (>= 0.9.10, < 0.11.0)
    pusher-client (0.6.2)
      json
      websocket (~> 1.0)
    rack (1.6.4)
    rack-protection (1.5.3)
      rack
    rainbow (2.0.0)
    rake (10.5.0)
    rb-fsevent (0.9.7)
    rb-inotify (0.9.5)
      ffi (>= 0.5.0)
    rbx-require-relative (0.0.9)
    retriable (2.0.2)
    rouge (1.10.1)
    rspec (3.4.0)
      rspec-core (~> 3.4.0)
      rspec-expectations (~> 3.4.0)
      rspec-mocks (~> 3.4.0)
    rspec-core (3.4.1)
      rspec-support (~> 3.4.0)
    rspec-expectations (3.4.0)
      diff-lcs (>= 1.2.0, < 2.0)
      rspec-support (~> 3.4.0)
    rspec-mocks (3.4.1)
      diff-lcs (>= 1.2.0, < 2.0)
      rspec-support (~> 3.4.0)
    rspec-support (3.4.1)
    rubyzip (1.1.7)
    run_loop (2.0.3)
      CFPropertyList (~> 2.2)
      awesome_print (~> 1.2)
      command_runner_ng (>= 0.0.2)
      json (~> 1.8)
      thor (>= 0.18.1, < 1.0)
    shellany (0.0.1)
    sim_launcher (0.4.13)
      sinatra
    sinatra (1.4.6)
      rack (~> 1.4)
      rack-protection (~> 1.4)
      tilt (>= 1.3, < 3)
    slop (3.6.0)
    slowhandcuke (0.0.3)
      cucumber
    stub_env (1.0.4)
      rspec (>= 2.0, < 4.0)
    thor (0.19.1)
    tilt (2.0.2)
    travis (1.8.2)
      backports
      faraday (~> 0.9)
      faraday_middleware (~> 0.9, >= 0.9.1)
      gh (~> 0.13)
      highline (~> 1.6)
      launchy (~> 2.1)
      pusher-client (~> 0.4)
      typhoeus (~> 0.6, >= 0.6.8)
    typhoeus (0.8.0)
      ethon (>= 0.8.0)
    websocket (1.2.2)
    xamarin-test-cloud (2.0.0.pre2)
      bundler (>= 1.3.0, < 2.0)
      httpclient (~> 2.6)
      json (~> 1.8)
      mime-types (~> 2.99)
      retriable (>= 1.3.3.1, < 2.1)
      rubyzip (~> 1.1)
      thor (>= 0.18.1, < 1.0)
    xcpretty (0.2.2)
      rouge (~> 1.8)

PLATFORMS
  ruby

DEPENDENCIES
  briar (~> 2.0)
  bundler (~> 1.6)
  calabash-cucumber (~> 0.17)
  chronic (>= 0.10, < 1.0)
  cucumber (~> 2.0)
  growl (~> 1.0)
  guard-bundler (~> 2.0)
  guard-rspec (~> 4.3)
  luffa (~> 1.0, >= 1.0.2)
  pry
  pry-nav
  rake (~> 10.3)
  retriable (~> 2.0)
  rspec (~> 3.0)
  run_loop (~> 2.0)
  stub_env (>= 1.0.1, < 2.0)
  travis (~> 1.7)
  xamarin-test-cloud (= 2.0.0.pre2)
  xcpretty (~> 0.1)

BUNDLED WITH
   1.11.2
